PATH
  remote: .
  specs:
    narou (3.9.0)
      activesupport (>= 6.1, < 8.0)
      diff-lcs (~> 1.2, >= 1.2.5)
      erubis (~> 2.7)
      ffi (~> 1.4, >= 1.4.2)
      haml (>= 5.1.2, < 6)
      mail (~> 2.6.0, >= 2.6.6)
      memoist (~> 0.11.0)
      open_uri_redirections (~> 0.2, >= 0.2.1)
      pony (~> 1, >= 1.11)
      psych (~> 4.0)
      rubyzip (~> 2.0, >= 2.0.0)
      sassc (~> 2.4)
      sinatra (~> 2.0, >= 2.0.8.1)
      sinatra-contrib (~> 2.0, >= 2.0.8.1)
      systemu (~> 2.6, >= 2.6.5)
      termcolorlight (~> 1.0, >= 1.1.1)
      tilt (~> 2.0, >= 2.0.10)
      unicode-display_width (~> 1.4)
      webrick (~> 1.7)

GEM
  remote: https://rubygems.org/
  specs:
    activesupport (7.1.3.2)
      base64
      bigdecimal
      concurrent-ruby (~> 1.0, >= 1.0.2)
      connection_pool (>= 2.2.5)
      drb
      i18n (>= 1.6, < 2)
      minitest (>= 5.1)
      mutex_m
      tzinfo (~> 2.0)
    awesome_print (1.8.0)
    base64 (0.2.0)
    bigdecimal (3.1.7)
    bigdecimal (3.1.7-java)
    byebug (11.1.3)
    coderay (1.1.3)
    concurrent-ruby (1.2.3)
    connection_pool (2.4.1)
    diff-lcs (1.4.4)
    docile (1.3.5)
    drb (2.2.1)
    erubis (2.7.0)
    ffi (1.16.3)
    ffi (1.16.3-java)
    haml (5.2.2)
      temple (>= 0.8.0)
      tilt
    i18n (1.14.4)
      concurrent-ruby (~> 1.0)
    jar-dependencies (0.4.1)
    mail (2.6.6)
      mime-types (>= 1.16, < 4)
    memoist (0.11.0)
    method_source (1.0.0)
    mime-types (3.5.2)
      mime-types-data (~> 3.2015)
    mime-types-data (3.2024.0305)
    minitest (5.22.3)
    multi_json (1.15.0)
    mustermann (2.0.2)
      ruby2_keywords (~> 0.0.1)
    mutex_m (0.2.0)
    open_uri_redirections (0.2.1)
    pony (1.13.1)
      mail (>= 2.0)
    pry (0.14.2)
      coderay (~> 1.1)
      method_source (~> 1.0)
    pry (0.14.2-java)
      coderay (~> 1.1)
      method_source (~> 1.0)
      spoon (~> 0.0)
    pry-byebug (3.10.1)
      byebug (~> 11.0)
      pry (>= 0.13, < 0.15)
    psych (4.0.6)
      stringio
    psych (4.0.6-java)
      jar-dependencies (>= 0.1.7)
    rack (2.2.9)
    rack-protection (2.2.4)
      rack
    rspec (3.10.0)
      rspec-core (~> 3.10.0)
      rspec-expectations (~> 3.10.0)
      rspec-mocks (~> 3.10.0)
    rspec-core (3.10.1)
      rspec-support (~> 3.10.0)
    rspec-expectations (3.10.1)
      diff-lcs (>= 1.2.0, < 2.0)
      rspec-support (~> 3.10.0)
    rspec-mocks (3.10.1)
      diff-lcs (>= 1.2.0, < 2.0)
      rspec-support (~> 3.10.0)
    rspec-retry (0.6.2)
      rspec-core (> 3.3)
    rspec-support (3.10.1)
    rspec_junit_formatter (0.4.1)
      rspec-core (>= 2, < 4, != 2.12.0)
    ruby2_keywords (0.0.5)
    rubyzip (2.3.2)
    sassc (2.4.0)
      ffi (~> 1.9)
    simplecov (0.21.2)
      docile (~> 1.1)
      simplecov-html (~> 0.11)
      simplecov_json_formatter (~> 0.1)
    simplecov-html (0.12.3)
    simplecov_json_formatter (0.1.2)
    sinatra (2.2.4)
      mustermann (~> 2.0)
      rack (~> 2.2)
      rack-protection (= 2.2.4)
      tilt (~> 2.0)
    sinatra-contrib (2.2.4)
      multi_json
      mustermann (~> 2.0)
      rack-protection (= 2.2.4)
      sinatra (= 2.2.4)
      tilt (~> 2.0)
    spoon (0.0.6)
      ffi
    stringio (3.1.0)
    systemu (2.6.5)
    temple (0.10.3)
    termcolorlight (1.1.1)
    tilt (2.3.0)
    timecop (0.9.2)
    tzinfo (2.0.6)
      concurrent-ruby (~> 1.0)
    unicode-display_width (1.8.0)
    webrick (1.8.1)

PLATFORMS
  java
  ruby

DEPENDENCIES
  awesome_print (~> 1.8)
  narou!
  pry (~> 0.14)
  pry-byebug (~> 3.8)
  rspec (~> 3.10)
  rspec-retry (~> 0.6)
  rspec_junit_formatter (~> 0.4)
  simplecov (~> 0.20)
  timecop (~> 0.9)

BUNDLED WITH
   2.2.15
