PATH
  remote: .
  specs:
    narou (3.2.5.1)
      activesupport (~> 5.2)
      diff-lcs (~> 1.2, >= 1.2.5)
      erubis (~> 2.7)
      haml (~> 4.0, >= 4.0.7)
      mail (~> 2.6.0, >= 2.6.6)
      memoist (~> 0.11.0)
      open_uri_redirections (~> 0.2, >= 0.2.1)
      pony (~> 1, >= 1.11)
      rubyzip (~> 1.1, >= 1.1.0)
      sass (~> 3.4, >= 3.4.18)
      sinatra (~> 1.4, >= 1.4.5)
      sinatra-contrib (~> 1.4, >= 1.4.2)
      systemu (~> 2.6, >= 2.6.5)
      termcolorlight (~> 1.0, >= 1.1.1)
      tilt (~> 2.0, >= 2.0.1)

GEM
  remote: https://rubygems.org/
  specs:
    activesupport (5.2.0)
      concurrent-ruby (~> 1.0, >= 1.0.2)
      i18n (>= 0.7, < 2)
      minitest (~> 5.1)
      tzinfo (~> 1.1)
    awesome_print (1.8.0)
    backports (3.11.3)
    better_errors (2.3.0)
      coderay (>= 1.0.0)
      erubi (>= 1.0.0)
      rack (>= 0.9.0)
    binding_of_caller (0.7.2)
      debug_inspector (>= 0.0.1)
    byebug (9.1.0)
    coderay (1.1.2)
    concurrent-ruby (1.0.5)
    debug_inspector (0.0.3)
    diff-lcs (1.3)
    docile (1.3.1)
    erubi (1.6.1)
    erubis (2.7.0)
    ffi (1.9.18)
    ffi (1.9.18-java)
    haml (4.0.7)
      tilt
    i18n (1.0.1)
      concurrent-ruby (~> 1.0)
    json (2.1.0)
    json (2.1.0-java)
    mail (2.6.6)
      mime-types (>= 1.16, < 4)
    memoist (0.11.0)
    method_source (0.9.0)
    mime-types (3.1)
      mime-types-data (~> 3.2015)
    mime-types-data (3.2016.0521)
    minitest (5.11.3)
    multi_json (1.13.1)
    open_uri_redirections (0.2.1)
    pony (1.12)
      mail (>= 2.0)
    pry (0.11.1)
      coderay (~> 1.1.0)
      method_source (~> 0.9.0)
    pry (0.11.1-java)
      coderay (~> 1.1.0)
      method_source (~> 0.9.0)
      spoon (~> 0.0)
    pry-byebug (3.5.0)
      byebug (~> 9.1)
      pry (~> 0.10)
    rack (1.6.8)
    rack-protection (1.5.5)
      rack
    rack-test (1.0.0)
      rack (>= 1.0, < 3)
    rb-fsevent (0.10.3)
    rb-inotify (0.9.10)
      ffi (>= 0.5.0, < 2)
    rspec (3.6.0)
      rspec-core (~> 3.6.0)
      rspec-expectations (~> 3.6.0)
      rspec-mocks (~> 3.6.0)
    rspec-core (3.6.0)
      rspec-support (~> 3.6.0)
    rspec-expectations (3.6.0)
      diff-lcs (>= 1.2.0, < 2.0)
      rspec-support (~> 3.6.0)
    rspec-mocks (3.6.0)
      diff-lcs (>= 1.2.0, < 2.0)
      rspec-support (~> 3.6.0)
    rspec-retry (0.5.5)
      rspec-core (> 3.3, < 3.7)
    rspec-support (3.6.0)
    rspec_junit_formatter (0.4.1)
      rspec-core (>= 2, < 4, != 2.12.0)
    rubyzip (1.2.1)
    sass (3.5.6)
      sass-listen (~> 4.0.0)
    sass-listen (4.0.0)
      rb-fsevent (~> 0.9, >= 0.9.4)
      rb-inotify (~> 0.9, >= 0.9.7)
    simplecov (0.16.1)
      docile (~> 1.1)
      json (>= 1.8, < 3)
      simplecov-html (~> 0.10.0)
    simplecov-html (0.10.2)
    sinatra (1.4.8)
      rack (~> 1.5)
      rack-protection (~> 1.4)
      tilt (>= 1.3, < 3)
    sinatra-contrib (1.4.7)
      backports (>= 2.0)
      multi_json
      rack-protection
      rack-test
      sinatra (~> 1.4.0)
      tilt (>= 1.3, < 3)
    spoon (0.0.6)
      ffi
    systemu (2.6.5)
    termcolorlight (1.1.1)
    thread_safe (0.3.6)
    tilt (2.0.8)
    timecop (0.9.1)
    tzinfo (1.2.5)
      thread_safe (~> 0.1)

PLATFORMS
  java
  ruby

DEPENDENCIES
  awesome_print
  better_errors
  binding_of_caller
  narou!
  pry
  pry-byebug
  rspec
  rspec-core
  rspec-retry
  rspec_junit_formatter
  simplecov
  timecop

BUNDLED WITH
   1.16.2
